GEM
  remote: https://www.rubygems.org/
  specs:
    rack (1.6.4)

PLATFORMS
  java

DEPENDENCIES
  rack

BUNDLED WITH
   1.10.6
