GEM
  remote: https://www.rubygems.org/
  specs:
    rack (1.6.4)
    redis (3.2.1)

PLATFORMS
  java

DEPENDENCIES
  rack
  redis

BUNDLED WITH
   1.10.6
